GEM
  remote: https://rubygems.org/
  specs:
    brewery_db (0.2.4)
      faraday (~> 0.8.0)
      faraday_middleware (~> 0.8)
      hashie (>= 1.1, < 3)
    coderay (1.1.1)
    dotenv (2.2.0)
    faraday (0.8.11)
      multipart-post (~> 1.2.0)
    faraday_middleware (0.11.0.1)
      faraday (>= 0.7.4, < 1.0)
    hashie (2.1.2)
    method_source (0.8.2)
    multipart-post (1.2.0)
    pry (0.10.4)
      coderay (~> 1.1.0)
      method_source (~> 0.8.1)
      slop (~> 3.4)
    rack (2.0.1)
    roda (2.24.0)
      rack
    ruby (0.1.0)
    slop (3.6.0)

PLATFORMS
  ruby

DEPENDENCIES
  brewery_db
  dotenv
  pry
  rack
  roda
  ruby

BUNDLED WITH
   1.13.7
